PATH
  remote: .
  specs:
    brainstorm_cli (0.1.0)

GEM
  remote: https://rubygems.org/
  specs:
    minitest (5.12.1)
    rake (13.0.0)

PLATFORMS
  ruby

DEPENDENCIES
  brainstorm_cli!
  bundler (= 2.0.2)
  minitest (= 5.12.1)
  rake (= 13.0.0)

BUNDLED WITH
   2.0.2
