PATH
  remote: .
  specs:
    brainstorm (0.1.0)
      http (= 4.2.0)
      tomlrb (= 1.2.8)

GEM
  remote: https://rubygems.org/
  specs:
    addressable (2.7.0)
      public_suffix (>= 2.0.2, < 5.0)
    domain_name (0.5.20190701)
      unf (>= 0.0.5, < 1.0.0)
    ffi (1.11.3)
    ffi-compiler (1.0.1)
      ffi (>= 1.0.0)
      rake
    http (4.2.0)
      addressable (~> 2.3)
      http-cookie (~> 1.0)
      http-form_data (~> 2.0)
      http-parser (~> 1.2.0)
    http-cookie (1.0.3)
      domain_name (~> 0.5)
    http-form_data (2.1.1)
    http-parser (1.2.1)
      ffi-compiler (>= 1.0, < 2.0)
    irb (1.1.0)
      reline (>= 0.0.1)
    minitest (5.12.1)
    public_suffix (4.0.1)
    rake (13.0.0)
    reline (0.0.7)
    tomlrb (1.2.8)
    unf (0.1.4)
      unf_ext
    unf_ext (0.0.7.6)

PLATFORMS
  ruby

DEPENDENCIES
  brainstorm!
  bundler (= 2.0.2)
  irb
  minitest (= 5.12.1)
  rake (= 13.0.0)

BUNDLED WITH
   2.0.2
