PATH
  remote: .
  specs:
    brainstorm (0.1.0)
      tomlrb (= 1.2.8)

GEM
  remote: https://rubygems.org/
  specs:
    irb (1.0.0)
    minitest (5.12.1)
    rake (13.0.0)
    tomlrb (1.2.8)

PLATFORMS
  ruby

DEPENDENCIES
  brainstorm!
  bundler (= 2.0.2)
  irb
  minitest (= 5.12.1)
  rake (= 13.0.0)

BUNDLED WITH
   2.0.2
